GIT
  remote: git://github.com/leonardoborges/geokit-rails3.git
  revision: d8348d2da0e9b612757e1a1c58f76fada8609e9e
  specs:
    geokit-rails3 (0.1.5)
      geokit (~> 1.5)
      rails (~> 3.0)

GIT
  remote: git://github.com/oleander/ruby-yui-compressor.git
  revision: 644218d2bb7a80295317c26b54f071f5090de6b1
  specs:
    yui-compressor (0.9.3)

GIT
  remote: git://github.com/purposecampaigns/profanalyzer.git
  revision: 48d74fb8482a92566db807d3d65f952f4434d800
  specs:
    profanalyzer (0.1.2)

GIT
  remote: https://purposetw-deploy:s3nseofpurpose@github.com/PurposeTW/purpose_country_select.git
  revision: 8b80e6d97bf619f8c2cb966d1ae6f342412c512f
  specs:
    purpose_country_select (0.0.7)
      actionpack (~> 3.2.0)
      sort_alphabetical

GEM
  remote: http://rubygems.org/
  specs:
    actionmailer (3.2.13)
      actionpack (= 3.2.13)
      mail (~> 2.5.3)
    actionpack (3.2.13)
      activemodel (= 3.2.13)
      activesupport (= 3.2.13)
      builder (~> 3.0.0)
      erubis (~> 2.7.0)
      journey (~> 1.0.4)
      rack (~> 1.4.5)
      rack-cache (~> 1.2)
      rack-test (~> 0.6.1)
      sprockets (~> 2.2.1)
    active_utils (1.0.5)
      activesupport (>= 2.3.11)
      i18n
    activemerchant (1.30.0)
      active_utils (>= 1.0.2)
      activesupport (>= 2.3.14)
      builder (>= 2.0.0)
      i18n
      json (>= 1.5.1)
      money
      nokogiri
    activemodel (3.2.13)
      activesupport (= 3.2.13)
      builder (~> 3.0.0)
    activemodel-warnings (1.0.3)
      activemodel (~> 3.0)
    activerecord (3.2.13)
      activemodel (= 3.2.13)
      activesupport (= 3.2.13)
      arel (~> 3.0.2)
      tzinfo (~> 0.3.29)
    activerecord-import (0.3.1)
      activerecord (~> 3.0)
    activeresource (3.2.13)
      activemodel (= 3.2.13)
      activesupport (= 3.2.13)
    activesupport (3.2.13)
      i18n (= 0.6.1)
      multi_json (~> 1.0)
    acts_as_list (0.1.9)
    addressable (2.3.3)
    airbrake (3.1.8)
      activesupport
      builder
      json
    annotate (2.5.0)
      rake
    app_constants (1.0.4)
    arel (3.0.2)
    awesome_print (1.1.0)
    aws-s3 (0.6.3)
      builder
      mime-types
      xml-simple
    aws-sdk (1.8.3)
      json (~> 1.4)
      nokogiri (>= 1.4.4)
      uuidtools (~> 2.1)
    bcrypt-ruby (3.0.1)
    better_errors (0.6.0)
      coderay (>= 1.0.0)
      erubis (>= 2.6.6)
    binding_of_caller (0.7.1)
      debug_inspector (>= 0.0.1)
    builder (3.0.4)
    cancan (1.6.9)
    capybara (2.1.0)
      mime-types (>= 1.16)
      nokogiri (>= 1.3.3)
      rack (>= 1.0.0)
      rack-test (>= 0.5.4)
      xpath (~> 2.0)
    childprocess (0.3.9)
      ffi (~> 1.0, >= 1.0.11)
    chunky_png (1.2.7)
    clockwork (0.4.1)
      tzinfo
    cocaine (0.4.2)
    code_analyzer (0.3.1)
      sexp_processor
    coderay (1.0.8)
    colored (1.2)
    columnize (0.3.6)
    compass (0.12.2)
      chunky_png (~> 1.2)
      fssm (>= 0.2.7)
      sass (~> 3.1)
    compass-960-plugin (0.10.4)
      compass (>= 0.10.0)
    compass-rails (1.0.3)
      compass (>= 0.12.2, < 0.14)
    cucumber (1.3.1)
      builder (>= 2.1.2)
      diff-lcs (>= 1.1.3)
      gherkin (~> 2.12.0)
      multi_json (~> 1.3)
    cucumber-rails (1.3.1)
      capybara (>= 1.1.2)
      cucumber (>= 1.2.0)
      nokogiri (>= 1.5.0)
      rails (~> 3.0)
    dalli (2.6.2)
    database_cleaner (0.9.1)
    debug_inspector (0.0.2)
    debugger (1.6.1)
      columnize (>= 0.3.1)
      debugger-linecache (~> 1.2.0)
      debugger-ruby_core_source (~> 1.2.3)
    debugger-linecache (1.2.0)
    debugger-ruby_core_source (1.2.3)
    deep_cloneable (1.5.1)
      activerecord (>= 3.1)
    delayed_job (3.0.5)
      activesupport (~> 3.0)
    delayed_job_active_record (0.3.3)
      activerecord (>= 2.1.0, < 4)
      delayed_job (~> 3.0)
    devise (2.2.3)
      bcrypt-ruby (~> 3.0)
      orm_adapter (~> 0.1)
      railties (~> 3.1)
      warden (~> 1.2.1)
    devise-encryptable (0.1.2)
      devise (>= 2.1.0)
    diff-lcs (1.1.3)
    dynamic_attributes (1.2.0)
    email_spec (1.4.0)
      launchy (~> 2.1)
      mail (~> 2.2)
    enumerated_attribute (0.2.16)
      meta_programming (>= 0.2.1)
    erubis (2.7.0)
    escape_utils (0.2.4)
    excon (0.16.10)
    execjs (1.4.0)
      multi_json (~> 1.0)
    factory_girl (4.2.0)
      activesupport (>= 3.0.0)
    factory_girl_rails (4.2.1)
      factory_girl (~> 4.2.0)
      railties (>= 3.0.0)
    ffi (1.9.0)
    font-awesome-rails (3.0.2.0)
      railties (>= 3.1)
    foreigner (1.3.0)
      activerecord (>= 3.0.0)
    foreman (0.61.0)
      thor (>= 0.13.6)
    friendly_id (4.0.9)
    fssm (0.2.10)
    geokit (1.6.5)
      multi_json
    gherkin (2.12.0)
      multi_json (~> 1.3)
    google_currency (2.1.0)
      money (~> 5.0.0)
      multi_json (>= 1.0.0)
    gritter (1.0.3)
    guard (1.6.2)
      listen (>= 0.6.0)
      lumberjack (>= 1.0.2)
      pry (>= 0.9.10)
      terminal-table (>= 1.4.3)
      thor (>= 0.14.6)
    guard-rspec (2.4.1)
      guard (>= 1.1)
      rspec (~> 2.11)
    haml (4.0.0)
      tilt
    heroku (2.35.0)
      heroku-api (~> 0.3.7)
      launchy (>= 0.3.2)
      netrc (~> 0.7.7)
      rest-client (~> 1.6.1)
      rubyzip
    heroku-api (0.3.7)
      excon (~> 0.16.10)
    hike (1.2.2)
    hirefireapp (0.0.8)
    hodel_3000_compliant_logger (0.1.1)
    i18n (0.6.1)
    jasmine (1.3.2)
      jasmine-core (~> 1.3.1)
      rack (~> 1.0)
      rspec (>= 1.3.1)
      selenium-webdriver (>= 0.1.3)
    jasmine-core (1.3.1)
    journey (1.0.4)
    jquery-rails (2.2.1)
      railties (>= 3.0, < 5.0)
      thor (>= 0.14, < 2.0)
    jslint_on_rails (1.1.1)
    json (1.7.7)
    launchy (2.2.0)
      addressable (~> 2.3)
    libv8 (3.11.8.13)
    listen (0.7.2)
    lumberjack (1.0.2)
    macaddr (1.6.1)
      systemu (~> 2.5.0)
    mail (2.5.4)
      mime-types (~> 1.16)
      treetop (~> 1.4.8)
    memcachier (0.0.2)
    meta_programming (0.2.2)
    method_source (0.8.1)
    mime-types (1.24)
    mini_portile (0.5.1)
    money (5.0.0)
      i18n (~> 0.4)
      json
    multi_json (1.7.9)
    mysql2 (0.3.11)
    netrc (0.7.7)
    newrelic_rpm (3.7.3.199)
    nokogiri (1.6.0)
      mini_portile (~> 0.5.0)
    oink (0.10.1)
      activerecord
      hodel_3000_compliant_logger
    orm_adapter (0.4.0)
    paperclip (3.4.0)
      activemodel (>= 3.0.0)
      activerecord (>= 3.0.0)
      activesupport (>= 3.0.0)
      cocaine (~> 0.4.0)
      mime-types
    parallel (0.6.2)
    parallel_tests (0.10.0)
      parallel
    paranoia (1.3.1)
      activerecord (~> 3.2)
    pdfkit (0.5.2)
    polyglot (0.3.3)
    pr_geohash (1.0.0)
    pry (0.9.12)
      coderay (~> 1.0.5)
      method_source (~> 0.8)
      slop (~> 3.4)
    puma (1.6.3)
      rack (~> 1.2)
    quiet_assets (1.0.1)
      railties (~> 3.1)
    rack (1.4.5)
    rack-cache (1.2)
      rack (>= 0.4)
    rack-ssl (1.3.3)
      rack
    rack-test (0.6.2)
      rack (>= 1.0)
    rack-timeout (0.0.3)
    rails (3.2.13)
      actionmailer (= 3.2.13)
      actionpack (= 3.2.13)
      activerecord (= 3.2.13)
      activeresource (= 3.2.13)
      activesupport (= 3.2.13)
      bundler (~> 1.0)
      railties (= 3.2.13)
    rails_best_practices (1.13.4)
      activesupport
      awesome_print
      code_analyzer
      colored
      erubis
      i18n
      ruby-progressbar
    railties (3.2.13)
      actionpack (= 3.2.13)
      activesupport (= 3.2.13)
      rack-ssl (~> 1.3.2)
      rake (>= 0.8.7)
      rdoc (~> 3.4)
      thor (>= 0.14.6, < 2.0)
    rake (10.0.4)
    rdoc (3.12.2)
      json (~> 1.4)
    recurly (2.1.8)
    redcarpet (2.2.2)
    ref (1.0.2)
    rest-client (1.6.7)
      mime-types (>= 1.16)
    roo (1.10.2)
      nokogiri (>= 1.5.6)
      rubyzip (>= 0.9.9)
      spreadsheet (> 0.6.4)
    rsolr (1.0.8)
      builder (>= 2.1.2)
    rspec (2.12.0)
      rspec-core (~> 2.12.0)
      rspec-expectations (~> 2.12.0)
      rspec-mocks (~> 2.12.0)
    rspec-core (2.12.2)
    rspec-expectations (2.12.1)
      diff-lcs (~> 1.1.3)
    rspec-html-matchers (0.4.0)
      nokogiri (>= 1.4.4)
      rspec (>= 2.0.0)
    rspec-mocks (2.12.2)
    rspec-rails (2.12.2)
      actionpack (>= 3.0)
      activesupport (>= 3.0)
      railties (>= 3.0)
      rspec-core (~> 2.12.0)
      rspec-expectations (~> 2.12.0)
      rspec-mocks (~> 2.12.0)
    rspec_junit_formatter (0.1.6)
      builder
      rspec (~> 2.0)
      rspec-core (!= 2.12.0)
    ruby-ole (1.2.11.6)
    ruby-progressbar (1.0.2)
    rubyzip (0.9.9)
    sass (3.2.5)
    sass-rails (3.2.6)
      railties (~> 3.2.0)
      sass (>= 3.1.10)
      tilt (~> 1.3)
    seed-fu (2.2.0)
      activerecord (~> 3.1)
      activesupport (~> 3.1)
    selenium-webdriver (2.35.1)
      childprocess (>= 0.2.5)
      multi_json (~> 1.0)
      rubyzip (< 1.0.0)
      websocket (~> 1.0.4)
    sendgrid (1.1.0)
      json
      json
    sexp_processor (4.1.5)
    shoulda-matchers (2.2.0)
      activesupport (>= 3.0.0)
    simplecov (0.7.1)
      multi_json (~> 1.0)
      simplecov-html (~> 0.7.1)
    simplecov-html (0.7.1)
    slop (3.4.3)
    sort_alphabetical (0.1.3)
      activesupport
    spork (1.0.0rc3)
    spork-rails (3.2.1)
      rails (>= 3.0.0, < 3.3.0)
      spork (>= 1.0rc0)
    spreadsheet (0.8.1)
      ruby-ole (>= 1.0)
    sprockets (2.2.2)
      hike (~> 1.2)
      multi_json (~> 1.0)
      rack (~> 1.0)
      tilt (~> 1.1, != 1.3.0)
    strong_parameters (0.2.1)
      actionpack (~> 3.0)
      activemodel (~> 3.0)
      railties (~> 3.0)
    subcontractor (0.6.0)
    sunspot (1.3.3)
      pr_geohash (~> 1.0)
      rsolr (~> 1.0.7)
    sunspot_matchers (1.3.0.2)
    sunspot_rails (1.3.3)
      nokogiri
      sunspot (= 1.3.3)
    sunspot_solr (1.3.3)
    sunspot_test (0.4.0)
      sunspot_rails (>= 1.2.1)
    systemu (2.5.2)
    terminal-table (1.4.5)
    therubyracer (0.11.3)
      libv8 (~> 3.11.8.12)
      ref
    thor (0.18.1)
    tilt (1.4.1)
    tinymce-rails (3.5.8)
      railties (>= 3.1.1)
    treetop (1.4.12)
      polyglot
      polyglot (>= 0.3.1)
    tzinfo (0.3.37)
    uglifier (1.3.0)
      execjs (>= 0.3.0)
      multi_json (~> 1.0, >= 1.0.2)
    uuid (2.3.7)
      macaddr (~> 1.0)
    uuidtools (2.1.3)
    warden (1.2.1)
      rack (>= 1.0)
    websocket (1.0.7)
    will_paginate (3.0.4)
    wkhtmltopdf (0.1.2)
    xml-simple (1.1.2)
    xpath (2.0.0)
      nokogiri (~> 1.3)

PLATFORMS
  ruby

DEPENDENCIES
  activemerchant
  activemodel-warnings
  activerecord-import
  acts_as_list
  airbrake
  annotate
  app_constants
  aws-s3
  aws-sdk
  bcrypt-ruby
  better_errors
  binding_of_caller
  cancan
  capybara
  clockwork
  compass-960-plugin
  compass-rails
  cucumber
  cucumber-rails
  dalli
  database_cleaner
  debugger (>= 1.4.0)
  deep_cloneable
  delayed_job
  delayed_job_active_record (~> 0.3.3)
  devise
  devise-encryptable
  dynamic_attributes
  email_spec
  enumerated_attribute
  escape_utils
  factory_girl_rails (~> 4.2.0)
  font-awesome-rails
  foreigner
  foreman
  friendly_id
  geokit-rails3!
  google_currency
  gritter
  guard-rspec
  haml
  heroku
  hirefireapp
  jasmine
  jquery-rails
  jslint_on_rails
  json (~> 1.7.7)
  launchy
  memcachier
  money
  mysql2 (= 0.3.11)
  newrelic_rpm (~> 3.7)
  nokogiri
  oink
  paperclip
  parallel_tests
  paranoia
  pdfkit
  profanalyzer!
  puma
  purpose_country_select (~> 0.0.5)!
  quiet_assets
  rack-test
  rack-timeout
  rails (= 3.2.13)
  rails_best_practices
  recurly
  redcarpet
  roo
  rspec-html-matchers
  rspec-rails
  rspec_junit_formatter
  sass-rails
  seed-fu
  selenium-webdriver
  sendgrid
  shoulda-matchers
  simplecov
  spork-rails
  strong_parameters
  subcontractor
  sunspot_matchers
  sunspot_rails
  sunspot_solr
  sunspot_test
  therubyracer
  tinymce-rails
  uglifier (>= 1.0.3)
  uuid
  will_paginate
  wkhtmltopdf
  yui-compressor!
